GEM
  remote: https://rubygems.org/
  specs:
    coderay (1.1.0)
    method_source (0.8.2)
    mime-types (1.25.1)
    pry (0.9.12.6)
      coderay (~> 1.0)
      method_source (~> 0.8)
      slop (~> 3.4)
    rest-client (1.6.9)
      mime-types (~> 1.16)
    slop (3.4.7)

PLATFORMS
  ruby

DEPENDENCIES
  pry
  rest-client

BUNDLED WITH
   1.13.6
